GIT
  remote: git://github.com/brainopia/octokit.git
  revision: d53e342a2a14a4876cb9c5e8a626d2cffbb3f333
  specs:
    octokit (1.19.0)
      addressable (~> 2.2)
      faraday (~> 0.8)
      faraday_middleware (~> 0.9)
      hashie (~> 1.2)
      multi_json (~> 1.3)

GIT
  remote: https://gist.github.com/6027581b7e40d57f4412.git
  revision: ef8f5bb7c25b7b3551d639734116cbf05d4e01be
  specs:
    octokit_pool (0.5)
      atomic
      octokit

GEM
  remote: http://rubygems.org/
  specs:
    addressable (2.3.2)
    atomic (1.0.1)
    coderay (1.0.8)
    faraday (0.8.4)
      multipart-post (~> 1.1)
    faraday_middleware (0.9.0)
      faraday (>= 0.7.4, < 0.9)
    hashie (1.2.0)
    method_source (0.8.1)
    moped (1.3.2)
    multi_json (1.5.0)
    multipart-post (1.1.5)
    pry (0.9.10)
      coderay (~> 1.0.5)
      method_source (~> 0.8)
      slop (~> 3.3.1)
    pry-nav (0.2.3)
      pry (~> 0.9.10)
    slop (3.3.3)

PLATFORMS
  ruby

DEPENDENCIES
  moped
  octokit!
  octokit_pool!
  pry-nav
